GEM
  remote: https://rubygems.org/
  specs:
    activesupport (4.1.1)
      i18n (~> 0.6, >= 0.6.9)
      json (~> 1.7, >= 1.7.7)
      minitest (~> 5.1)
      thread_safe (~> 0.1)
      tzinfo (~> 1.1)
    axiom-types (0.1.1)
      descendants_tracker (~> 0.0.4)
      ice_nine (~> 0.11.0)
      thread_safe (~> 0.3, >= 0.3.1)
    builder (3.2.2)
    coderay (1.1.0)
    coercible (1.0.0)
      descendants_tracker (~> 0.0.1)
    daemons (1.1.9)
    descendants_tracker (0.0.4)
      thread_safe (~> 0.3, >= 0.3.1)
    dotenv (0.7.0)
    equalizer (0.0.9)
    eventmachine (1.0.3)
    ffi (1.9.3)
    foreman (0.67.0)
      dotenv (~> 0.7.0)
      thor (~> 0.17.0)
    formatador (0.2.4)
    grape (0.7.0)
      activesupport
      builder
      hashie (>= 1.2.0)
      multi_json (>= 1.3.2)
      multi_xml (>= 0.5.2)
      rack (>= 1.3.0)
      rack-accept
      rack-mount
      virtus (>= 1.0.0)
    grape-entity (0.4.2)
      activesupport
      multi_json (>= 1.3.2)
    grape-swagger (0.7.2)
      grape (>= 0.2.0)
      grape-entity (>= 0.3.0)
      kramdown (>= 1.3.1)
    guard (1.8.3)
      formatador (>= 0.2.4)
      listen (~> 1.3)
      lumberjack (>= 1.0.2)
      pry (>= 0.9.10)
      thor (>= 0.14.6)
    guard-minitest (1.3.1)
      guard (>= 1.8)
      minitest (>= 2.1)
    hashie (2.1.1)
    i18n (0.6.9)
    ice_nine (0.11.0)
    json (1.8.1)
    kramdown (1.3.3)
    listen (1.3.1)
      rb-fsevent (>= 0.9.3)
      rb-inotify (>= 0.9)
      rb-kqueue (>= 0.2)
    lumberjack (1.0.5)
    method_source (0.8.2)
    minitest (5.3.3)
    multi_json (1.10.0)
    multi_xml (0.5.5)
    pry (0.9.12.6)
      coderay (~> 1.0)
      method_source (~> 0.8)
      slop (~> 3.4)
    pry-nav (0.2.3)
      pry (~> 0.9.10)
    rack (1.5.2)
    rack-accept (0.4.5)
      rack (>= 0.4)
    rack-contrib (1.1.0)
      rack (>= 0.9.1)
    rack-mount (0.8.3)
      rack (>= 1.0.0)
    rb-fsevent (0.9.4)
    rb-inotify (0.9.4)
      ffi (>= 0.5.0)
    rb-kqueue (0.2.2)
      ffi (>= 0.5.0)
    rerun (0.8.1)
      listen (>= 1.0.3)
    slop (3.5.0)
    thin (1.6.2)
      daemons (>= 1.0.9)
      eventmachine (>= 1.0.0)
      rack (>= 1.0.0)
    thor (0.17.0)
    thread_safe (0.3.3)
    tzinfo (1.1.0)
      thread_safe (~> 0.1)
    virtus (1.0.2)
      axiom-types (~> 0.1)
      coercible (~> 1.0)
      descendants_tracker (~> 0.0.3)
      equalizer (~> 0.0.9)

PLATFORMS
  ruby

DEPENDENCIES
  foreman (~> 0.67.0)
  grape (~> 0.7.0)
  grape-swagger (~> 0.7.2)
  guard (~> 1.8.3)
  guard-minitest (~> 1.3.1)
  minitest (~> 5.3.3)
  pry (~> 0.9.12.6)
  pry-nav (~> 0.2.3)
  rack (~> 1.5.2)
  rack-contrib (~> 1.1.0)
  rerun (~> 0.8.1)
  thin (~> 1.6.2)
